GIT
  remote: https://github.com/Sierra-Sergey/html_gem.git
  revision: a6ed14e15eaa2556053490e090484d7ef94c76d1
  specs:
    create_html (0.1.3)

GEM
  remote: https://rubygems.org/
  specs:

PLATFORMS
  x86_64-linux

DEPENDENCIES
  create_html!

BUNDLED WITH
   2.2.32
